GEM
  remote: https://rubygems.org/
  specs:
    brazilian_documents (0.1.8)
      digit_checksum (~> 0.2.3)
    cpf_cnpj (0.5.0)
    digit_checksum (0.2.3)

PLATFORMS
  x64-mingw-ucrt

DEPENDENCIES
  brazilian_documents (~> 0.1.4)
  cpf_cnpj

BUNDLED WITH
   2.5.15
